GEM
  remote: http://rubygems.org/
  specs:
    activesupport (5.2.3)
      concurrent-ruby (~> 1.0, >= 1.0.2)
      i18n (>= 0.7, < 2)
      minitest (~> 5.1)
      tzinfo (~> 1.1)
    addressable (2.4.0)
    builder (3.2.3)
    coderay (1.1.2)
    concurrent-ruby (1.1.5)
    crack (0.4.3)
      safe_yaml (~> 1.0.0)
    descendants_tracker (0.0.4)
      thread_safe (~> 0.3, >= 0.3.1)
    domain_name (0.5.20190701)
      unf (>= 0.0.5, < 1.0.0)
    faraday (0.9.2)
      multipart-post (>= 1.2, < 3)
    git (1.5.0)
    github_api (0.16.0)
      addressable (~> 2.4.0)
      descendants_tracker (~> 0.0.4)
      faraday (~> 0.8, < 0.10)
      hashie (>= 3.4)
      mime-types (>= 1.16, < 3.0)
      oauth2 (~> 1.0)
    hashdiff (0.3.9)
    hashie (3.6.0)
    highline (2.0.2)
    http-accept (1.7.0)
    http-cookie (1.0.3)
      domain_name (~> 0.5)
    i18n (1.6.0)
      concurrent-ruby (~> 1.0)
    jeweler (2.3.9)
      builder
      bundler
      git (>= 1.2.5)
      github_api (~> 0.16.0)
      highline (>= 1.6.15)
      nokogiri (>= 1.5.10)
      psych
      rake
      rdoc
      semver2
    jwt (2.2.1)
    method_source (0.9.2)
    mime-types (2.99.3)
    mini_portile2 (2.4.0)
    minitest (5.11.3)
    multi_json (1.14.1)
    multi_xml (0.6.0)
    multipart-post (2.1.1)
    netrc (0.11.0)
    nokogiri (1.10.9)
      mini_portile2 (~> 2.4.0)
    oauth2 (1.4.4)
      faraday (>= 0.8, < 2.0)
      jwt (>= 1.0, < 3.0)
      multi_json (~> 1.3)
      multi_xml (~> 0.5)
      rack (>= 1.2, < 3)
    pry (0.12.2)
      coderay (~> 1.1.0)
      method_source (~> 0.9.0)
    psych (3.1.0)
    rack (2.2.3)
    rake (13.0.1)
    rdoc (6.1.1)
    rest-client (2.1.0)
      http-accept (>= 1.7.0, < 2.0)
      http-cookie (>= 1.0.2, < 2.0)
      mime-types (>= 1.16, < 4.0)
      netrc (~> 0.8)
    rr (1.2.1)
    safe_yaml (1.0.5)
    semver2 (3.4.2)
    shoulda (3.6.0)
      shoulda-context (~> 1.0, >= 1.0.1)
      shoulda-matchers (~> 3.0)
    shoulda-context (1.2.2)
    shoulda-matchers (3.1.3)
      activesupport (>= 4.0.0)
    thread_safe (0.3.6)
    tzinfo (1.2.5)
      thread_safe (~> 0.1)
    unf (0.1.4)
      unf_ext
    unf_ext (0.0.7.7)
    webmock (3.5.1)
      addressable (>= 2.3.6)
      crack (>= 0.3.2)
      hashdiff

PLATFORMS
  ruby

DEPENDENCIES
  jeweler
  pry
  rake
  rest-client
  rr
  shoulda
  webmock

BUNDLED WITH
   1.16.6
